GEM
  remote: https://rubygems.org/
  specs:
    net-ssh (2.9.1)
    rainbow (2.0.0)
    sunzi (1.5.2)
      net-ssh
      rainbow
      thor
    thor (0.19.1)

PLATFORMS
  ruby

DEPENDENCIES
  sunzi
